GIT
  remote: git://github.com/clemenshelm/ruby-ddp-client.git
  revision: 309a18c31c7324ffad37ec4007425c57b3612abf
  specs:
    ruby-ddp-client (0.0.2)
      faye-websocket
      json

GEM
  remote: https://rubygems.org/
  specs:
    eventmachine (1.0.7)
    faye-websocket (0.9.2)
      eventmachine (>= 0.12.0)
      websocket-driver (>= 0.5.1)
    json (1.8.2)
    websocket-driver (0.5.4)
      websocket-extensions (>= 0.1.0)
    websocket-extensions (0.1.2)

PLATFORMS
  ruby

DEPENDENCIES
  ruby-ddp-client!
