GIT
  remote: git://github.com/clemenshelm/ruby-ddp-client.git
  revision: 856e097c0241e6bd20fe5d375dabe423f358388d
  specs:
    ruby-ddp-client (0.0.2)
      faye-websocket
      json

GEM
  remote: https://rubygems.org/
  specs:
    call-me (0.0.2.3)
      refining
    celluloid (0.16.0)
      timers (~> 4.0.0)
    coderay (1.1.0)
    connection_pool (2.2.0)
    diff-lcs (1.2.5)
    em-hiredis (0.3.0)
      eventmachine (~> 1.0)
      hiredis (~> 0.5.0)
    eventmachine (1.0.7)
    faye-websocket (0.9.2)
      eventmachine (>= 0.12.0)
      websocket-driver (>= 0.5.1)
    ffi (1.9.8)
    ffi-extra (0.1.0)
      ffi
    ffi-inline (0.0.4.3)
      ffi (>= 0.4.0)
    grim (1.2.0)
    hiredis (0.5.2)
    hitimes (1.2.2)
    iso-639 (0.2.5)
    json (1.8.2)
    method_source (0.8.2)
    pry (0.10.1)
      coderay (~> 1.1.0)
      method_source (~> 0.8.1)
      slop (~> 3.4)
    rake (10.4.2)
    redis (3.2.1)
    redis-namespace (1.5.2)
      redis (~> 3.0, >= 3.0.4)
    refining (0.0.5.5)
    rmagick (2.15.0)
    rspec (3.0.0)
      rspec-core (~> 3.0.0)
      rspec-expectations (~> 3.0.0)
      rspec-mocks (~> 3.0.0)
    rspec-core (3.0.4)
      rspec-support (~> 3.0.0)
    rspec-expectations (3.0.4)
      diff-lcs (>= 1.2.0, < 2.0)
      rspec-support (~> 3.0.0)
    rspec-mocks (3.0.4)
      rspec-support (~> 3.0.0)
    rspec-support (3.0.4)
    sidekiq (3.3.3)
      celluloid (>= 0.16.0)
      connection_pool (>= 2.1.1)
      json
      redis (>= 3.0.6)
      redis-namespace (>= 1.3.1)
    slop (3.6.0)
    tesseract-ocr (0.1.7)
      call-me
      ffi-extra
      ffi-inline
      iso-639
    timers (4.0.1)
      hitimes
    websocket-driver (0.5.4)
      websocket-extensions (>= 0.1.0)
    websocket-extensions (0.1.2)

PLATFORMS
  ruby

DEPENDENCIES
  em-hiredis
  grim
  pry
  rake
  redis
  rmagick
  rspec
  ruby-ddp-client!
  sidekiq
  tesseract-ocr
